GEM
  remote: https://rubygems.org/
  specs:
    addressable (2.8.1)
      public_suffix (>= 2.0.2, < 6.0)
    coderay (1.1.2)
    httparty (0.21.0)
      mini_mime (>= 1.0.0)
      multi_xml (>= 0.5.2)
    launchy (2.5.2)
      addressable (~> 2.8)
    method_source (0.9.2)
    mini_mime (1.1.2)
    multi_xml (0.6.0)
    pry (0.12.2)
      coderay (~> 1.1.0)
      method_source (~> 0.9.0)
    public_suffix (5.0.1)
    rainbow (3.1.1)
    rake (12.3.3)

PLATFORMS
  ruby

DEPENDENCIES
  httparty (~> 0.21.0)
  launchy (~> 2.5)
  pry (~> 0.12.2)
  rainbow (~> 3.0)
  rake (~> 12.0)

BUNDLED WITH
   2.1.4
